GEM
  remote: http://rubygems.org/
  specs:
    addressable (2.3.2)
    coderay (0.8.357)
    couchrest (1.1.3)
      mime-types (~> 1.15)
      multi_json (~> 1.0)
      rest-client (~> 1.6.1)
    curb (0.7.8)
    faraday (0.8.4)
      multipart-post (~> 1.1)
    faraday_middleware (0.8.8)
      faraday (>= 0.7.4, < 0.9)
    hashie (1.2.0)
    json (1.7.5)
    mime-types (1.19)
    multi_json (1.3.6)
    multipart-post (1.1.5)
    mustache (0.11.2)
    oauth2 (0.5.2)
      faraday (~> 0.7)
      multi_json (~> 1.0)
    octokit (1.13.0)
      addressable (~> 2.2)
      faraday (~> 0.8)
      faraday_middleware (~> 0.8)
      hashie (~> 1.2)
      multi_json (~> 1.3)
    rack (1.2.1)
    rest-client (1.6.7)
      mime-types (>= 1.16)
    shotgun (0.8)
      rack (>= 1.0)
    sinatra (1.1.0)
      rack (~> 1.1)
      tilt (~> 1.1)
    sinatra_auth_github (0.11.0)
      sinatra (~> 1.0)
      warden-github (~> 0.11.0)
    tilt (1.1)
    warden (1.2.1)
      rack (>= 1.0)
    warden-github (0.11.0)
      json (~> 1.5)
      oauth2 (~> 0.5.2)
      octokit (~> 1.13.0)
      rest-client (~> 1.6.1)
      warden (~> 1.0)
      yajl-ruby (~> 1.1)
    yajl-ruby (1.1.0)

PLATFORMS
  ruby

DEPENDENCIES
  coderay (~> 0.8.357)
  couchrest (~> 1.1.3)
  curb (~> 0.7.8)
  mustache (~> 0.11.2)
  shotgun
  sinatra (~> 1.0)
  sinatra_auth_github (~> 0.11.0)
  yajl-ruby (~> 1.1.0)
